GIT
  remote: https://github.com/ktgeek/dnssd.git
  revision: 08a95da894114caa3494a5313654ec8c7ad7c8e3
  ref: 08a95da894114caa3494a5313654ec8c7ad7c8e3
  specs:
    dnssd (3.0.1.20170318113501)

GIT
  remote: https://github.com/piotrmurach/tty-prompt.git
  revision: 0aee562676be7477519a21a1eb05cc5638c985e8
  ref: 0aee562676be7477519a21a1eb05cc5638c985e8
  specs:
    tty-prompt (0.10.1)
      necromancer (~> 0.4.0)
      pastel (~> 0.7.0)
      tty-cursor (~> 0.4.0)
      wisper (~> 1.6.1)

GEM
  remote: https://rubygems.org/
  specs:
    activemodel (4.2.8)
      activesupport (= 4.2.8)
      builder (~> 3.1)
    activerecord (4.2.8)
      activemodel (= 4.2.8)
      activesupport (= 4.2.8)
      arel (~> 6.0)
    activesupport (4.2.8)
      i18n (~> 0.7)
      minitest (~> 5.1)
      thread_safe (~> 0.3, >= 0.3.4)
      tzinfo (~> 1.1)
    ansi (1.5.0)
    arel (6.0.4)
    builder (3.2.3)
    byebug (9.0.6)
    diff-lcs (1.3)
    domain_name (0.5.20170223)
      unf (>= 0.0.5, < 1.0.0)
    equatable (0.5.0)
    facets (3.1.0)
    ffi (1.9.18)
    http-cookie (1.0.3)
      domain_name (~> 0.5)
    httpclient (2.8.3)
    i18n (0.8.1)
    mime-types (2.99.3)
    minitest (5.10.1)
    necromancer (0.4.0)
    netrc (0.11.0)
    pastel (0.7.1)
      equatable (~> 0.5.0)
      tty-color (~> 0.4.0)
    rest-client (1.8.0)
      http-cookie (>= 1.0.2, < 2.0)
      mime-types (>= 1.16, < 3.0)
      netrc (~> 0.7)
    rspec (3.5.0)
      rspec-core (~> 3.5.0)
      rspec-expectations (~> 3.5.0)
      rspec-mocks (~> 3.5.0)
    rspec-core (3.5.4)
      rspec-support (~> 3.5.0)
    rspec-expectations (3.5.0)
      diff-lcs (>= 1.2.0, < 2.0)
      rspec-support (~> 3.5.0)
    rspec-mocks (3.5.0)
      diff-lcs (>= 1.2.0, < 2.0)
      rspec-support (~> 3.5.0)
    rspec-support (3.5.0)
    sqlite3 (1.3.13)
    thread_safe (0.3.6)
    tty-color (0.4.2)
    tty-cursor (0.4.0)
    tty-progressbar (0.10.1)
      tty-screen (~> 0.5.0)
    tty-screen (0.5.0)
    tty-spinner (0.4.1)
    tty-table (0.8.0)
      equatable (~> 0.5.0)
      necromancer (~> 0.4.0)
      pastel (~> 0.7.0)
      tty-screen (~> 0.5.0)
      unicode-display_width (~> 1.1.0)
      verse (~> 0.5.0)
    tzinfo (1.2.2)
      thread_safe (~> 0.1)
    unf (0.1.4)
      unf_ext
    unf_ext (0.0.7.2)
    unicode-display_width (1.1.3)
    unicode_utils (1.4.0)
    verse (0.5.0)
      unicode-display_width (~> 1.1.0)
      unicode_utils (~> 1.4.0)
    wisper (1.6.1)

PLATFORMS
  ruby

DEPENDENCIES
  activerecord (~> 4.2)
  ansi (~> 1.5)
  byebug
  dnssd!
  facets (~> 3.0)
  ffi (~> 1.9)
  httpclient (~> 2.8)
  pastel
  rest-client (~> 1.8)
  rspec
  sqlite3 (~> 1.3)
  tty-progressbar
  tty-prompt!
  tty-screen
  tty-spinner
  tty-table

RUBY VERSION
   ruby 2.4.0p0

BUNDLED WITH
   1.14.6
