GEM
  remote: https://rubygems.org/
  specs:
    activemodel (4.2.5.2)
      activesupport (= 4.2.5.2)
      builder (~> 3.1)
    activerecord (4.2.5.2)
      activemodel (= 4.2.5.2)
      activesupport (= 4.2.5.2)
      arel (~> 6.0)
    activesupport (4.2.5.2)
      i18n (~> 0.7)
      json (~> 1.7, >= 1.7.7)
      minitest (~> 5.1)
      thread_safe (~> 0.3, >= 0.3.4)
      tzinfo (~> 1.1)
    ansi (1.5.0)
    arel (6.0.3)
    builder (3.2.2)
    byebug (8.2.2)
    diff-lcs (1.2.5)
    dnssd (3.0.1)
    domain_name (0.5.20160216)
      unf (>= 0.0.5, < 1.0.0)
    equatable (0.5.0)
    facets (3.0.0)
    ffi (1.9.10)
    highline (1.7.8)
    http-cookie (1.0.2)
      domain_name (~> 0.5)
    httpclient (2.7.1)
    i18n (0.7.0)
    json (1.8.3)
    mime-types (2.99.1)
    minitest (5.8.4)
    necromancer (0.3.0)
    netrc (0.11.0)
    pastel (0.7.1)
      equatable (~> 0.5.0)
      tty-color (~> 0.4.0)
    rest-client (1.8.0)
      http-cookie (>= 1.0.2, < 2.0)
      mime-types (>= 1.16, < 3.0)
      netrc (~> 0.7)
    rspec (3.4.0)
      rspec-core (~> 3.4.0)
      rspec-expectations (~> 3.4.0)
      rspec-mocks (~> 3.4.0)
    rspec-core (3.4.3)
      rspec-support (~> 3.4.0)
    rspec-expectations (3.4.0)
      diff-lcs (>= 1.2.0, < 2.0)
      rspec-support (~> 3.4.0)
    rspec-mocks (3.4.1)
      diff-lcs (>= 1.2.0, < 2.0)
      rspec-support (~> 3.4.0)
    rspec-support (3.4.1)
    sqlite3 (1.3.11)
    thread_safe (0.3.5)
    tty-color (0.4.2)
    tty-cursor (0.3.0)
    tty-progressbar (0.10.1)
      tty-screen (~> 0.5.0)
    tty-prompt (0.10.1)
      necromancer (~> 0.3.0)
      pastel (~> 0.7.0)
      tty-cursor (~> 0.3.0)
      wisper (~> 1.6.1)
    tty-screen (0.5.0)
    tty-spinner (0.4.1)
    tzinfo (1.2.2)
      thread_safe (~> 0.1)
    unf (0.1.4)
      unf_ext
    unf_ext (0.0.7.2)
    wisper (1.6.1)

PLATFORMS
  ruby

DEPENDENCIES
  activerecord (~> 4.2)
  ansi (~> 1.5)
  byebug
  dnssd (~> 3.0)
  facets (~> 3.0)
  ffi (~> 1.9)
  highline (~> 1.7)
  httpclient (~> 2.6)
  pastel
  rest-client (~> 1.8)
  rspec
  sqlite3 (~> 1.3)
  tty-progressbar
  tty-prompt
  tty-screen
  tty-spinner

RUBY VERSION
   ruby 2.3.1p112

BUNDLED WITH
   1.14.3
