GIT
  remote: https://github.com/ktgeek/dnssd.git
  revision: 08a95da894114caa3494a5313654ec8c7ad7c8e3
  ref: 08a95da894114caa3494a5313654ec8c7ad7c8e3
  specs:
    dnssd (3.0.1.20170318113501)

GIT
  remote: https://github.com/piotrmurach/tty-prompt.git
  revision: 0aee562676be7477519a21a1eb05cc5638c985e8
  ref: 0aee562676be7477519a21a1eb05cc5638c985e8
  specs:
    tty-prompt (0.10.1)
      necromancer (~> 0.4.0)
      pastel (~> 0.7.0)
      tty-cursor (~> 0.4.0)
      wisper (~> 1.6.1)

GEM
  remote: https://rubygems.org/
  specs:
    activemodel (5.2.3)
      activesupport (= 5.2.3)
    activerecord (5.2.3)
      activemodel (= 5.2.3)
      activesupport (= 5.2.3)
      arel (>= 9.0)
    activesupport (5.2.3)
      concurrent-ruby (~> 1.0, >= 1.0.2)
      i18n (>= 0.7, < 2)
      minitest (~> 5.1)
      tzinfo (~> 1.1)
    arel (9.0.0)
    ast (2.4.0)
    byebug (11.0.1)
    concurrent-ruby (1.1.5)
    diff-lcs (1.3)
    domain_name (0.5.20190701)
      unf (>= 0.0.5, < 1.0.0)
    equatable (0.6.1)
    facets (3.1.0)
    ffi (1.11.1)
    http-cookie (1.0.3)
      domain_name (~> 0.5)
    httpclient (2.8.3)
    i18n (1.6.0)
      concurrent-ruby (~> 1.0)
    jaro_winkler (1.5.3)
    mime-types (2.99.3)
    minitest (5.11.3)
    necromancer (0.4.0)
    netrc (0.11.0)
    parallel (1.17.0)
    parser (2.6.4.0)
      ast (~> 2.4.0)
    pastel (0.7.3)
      equatable (~> 0.6)
      tty-color (~> 0.5)
    rainbow (3.0.0)
    rest-client (1.8.0)
      http-cookie (>= 1.0.2, < 2.0)
      mime-types (>= 1.16, < 3.0)
      netrc (~> 0.7)
    rspec (3.8.0)
      rspec-core (~> 3.8.0)
      rspec-expectations (~> 3.8.0)
      rspec-mocks (~> 3.8.0)
    rspec-core (3.8.2)
      rspec-support (~> 3.8.0)
    rspec-expectations (3.8.4)
      diff-lcs (>= 1.2.0, < 2.0)
      rspec-support (~> 3.8.0)
    rspec-mocks (3.8.1)
      diff-lcs (>= 1.2.0, < 2.0)
      rspec-support (~> 3.8.0)
    rspec-support (3.8.2)
    rubocop (0.74.0)
      jaro_winkler (~> 1.5.1)
      parallel (~> 1.10)
      parser (>= 2.6)
      rainbow (>= 2.2.2, < 4.0)
      ruby-progressbar (~> 1.7)
      unicode-display_width (>= 1.4.0, < 1.7)
    ruby-progressbar (1.10.1)
    sqlite3 (1.4.1)
    thread_safe (0.3.6)
    tty-color (0.5.0)
    tty-cursor (0.4.0)
    tty-progressbar (0.2.0)
    tty-screen (0.7.0)
    tty-spinner (0.4.1)
    tty-table (0.3.0)
      equatable (~> 0.5)
      necromancer (~> 0.3)
      pastel (~> 0.4)
      tty-screen (~> 0.2)
      unicode_utils (~> 1.4.0)
      verse (~> 0.4)
    tzinfo (1.2.5)
      thread_safe (~> 0.1)
    unf (0.1.4)
      unf_ext
    unf_ext (0.0.7.6)
    unicode-display_width (1.6.0)
    unicode_utils (1.4.0)
    verse (0.4.0)
      unicode_utils (~> 1.4.0)
    wisper (1.6.1)

PLATFORMS
  ruby

DEPENDENCIES
  activerecord (~> 5.2)
  byebug
  dnssd!
  facets (~> 3.0)
  ffi (~> 1.9)
  httpclient (~> 2.8)
  pastel
  rest-client (~> 1.8)
  rspec
  rubocop
  sqlite3 (~> 1.3)
  tty-progressbar
  tty-prompt!
  tty-screen
  tty-spinner
  tty-table

RUBY VERSION
   ruby 2.6.3p62

BUNDLED WITH
   1.17.2
